GIT
  remote: https://github.com/makevoid/bitcoin-client.git
  revision: c9e0be12979cd923c67af6e36722d9e798a92265
  specs:
    bitcoin-client (0.0.4)
      rest-client

GIT
  remote: https://github.com/makevoid/rqrcode.git
  revision: 9fe884cca69fd0040b74ec109f499aed49d4cab9
  specs:
    rqrcode (0.10.1)
      chunky_png (~> 1.0)

GEM
  remote: http://rubygems.org/
  specs:
    bitcoin (0.2.0)
      bitcoin-ruby
    bitcoin-ruby (0.0.19)
      eventmachine
      ffi
      scrypt
    chunky_png (1.3.11)
    coderay (1.1.2)
    coffee-script (2.4.1)
      coffee-script-source
      execjs
    coffee-script-source (1.12.2)
    domain_name (0.5.20180417)
      unf (>= 0.0.5, < 1.0.0)
    eventmachine (1.2.7)
    execjs (2.7.0)
    faraday (0.15.4)
      multipart-post (>= 1.2, < 3)
    ffi (1.11.1)
    ffi-compiler (1.0.1)
      ffi (>= 1.0.0)
      rake
    formatador (0.2.5)
    guard (2.15.0)
      formatador (>= 0.2.4)
      listen (>= 2.7, < 4.0)
      lumberjack (>= 1.0.12, < 2.0)
      nenv (~> 0.1)
      notiffany (~> 0.0)
      pry (>= 0.9.12)
      shellany (~> 0.0)
      thor (>= 0.18.1)
    guard-coffeescript (2.0.1)
      coffee-script (>= 2.2.0)
      guard (>= 2.1.0)
      guard-compat (~> 1.1)
    guard-compat (1.2.1)
    haml (5.1.1)
      temple (>= 0.8.0)
      tilt
    http-cookie (1.0.3)
      domain_name (~> 0.5)
    identicon (0.0.5)
      chunky_png
    listen (3.1.5)
      rb-fsevent (~> 0.9, >= 0.9.4)
      rb-inotify (~> 0.9, >= 0.9.7)
      ruby_dep (~> 1.2)
    lumberjack (1.0.13)
    method_source (0.9.2)
    mime-types (3.2.2)
      mime-types-data (~> 3.2015)
    mime-types-data (3.2019.0331)
    multipart-post (2.1.1)
    nenv (0.3.0)
    netrc (0.11.0)
    notiffany (0.1.1)
      nenv (~> 0.1)
      shellany (~> 0.0)
    oj (3.7.12)
    pry (0.12.2)
      coderay (~> 1.1.0)
      method_source (~> 0.9.0)
    puma (3.12.4)
    rack (2.0.7)
    rake (12.3.2)
    rb-fsevent (0.10.3)
    rb-inotify (0.10.0)
      ffi (~> 1.0)
    redis (4.1.2)
    rerun (0.13.0)
      listen (~> 3.0)
    rest-client (2.0.2)
      http-cookie (>= 1.0.2, < 2.0)
      mime-types (>= 1.16, < 4.0)
      netrc (~> 0.8)
    roda (3.20.0)
      rack
    ruby_dep (1.5.0)
    scrypt (3.0.6)
      ffi-compiler (>= 1.0, < 2.0)
    sentry-raven (2.9.0)
      faraday (>= 0.7.6, < 1.0)
    shellany (0.0.1)
    temple (0.8.1)
    thor (0.20.3)
    tilt (2.0.9)
    unf (0.1.4)
      unf_ext
    unf_ext (0.0.7.6)

PLATFORMS
  ruby

DEPENDENCIES
  bitcoin
  bitcoin-client!
  guard
  guard-coffeescript
  haml
  identicon
  oj
  puma
  rake
  redis
  rerun
  roda
  rqrcode!
  sentry-raven

BUNDLED WITH
   2.0.1
